GEM
  remote: https://rubygems.org/
  specs:
    byebug (11.1.3)
    rack (3.0.0)

PLATFORMS
  arm64-darwin-21

DEPENDENCIES
  byebug
  rack (= 3.0.0)

RUBY VERSION
   ruby 3.1.2p20

BUNDLED WITH
   2.4.1
